GEM
  remote: http://rubygems.org/
  remote: http://sulair-rails-dev.stanford.edu/
  specs:
    actionpack (3.2.6)
      activemodel (= 3.2.6)
      activesupport (= 3.2.6)
      builder (~> 3.0.0)
      erubis (~> 2.7.0)
      journey (~> 1.0.1)
      rack (~> 1.4.0)
      rack-cache (~> 1.2)
      rack-test (~> 0.6.1)
      sprockets (~> 2.1.3)
    active-fedora (4.4.1)
      activeresource (>= 3.0.0)
      activesupport (>= 3.0.0)
      deprecation
      equivalent-xml
      mediashelf-loggable
      om (~> 1.6.0)
      rdf
      rdf-rdfxml (~> 0.3.8)
      rsolr
      rubydora (~> 0.5.11)
      solrizer (~> 1.2.0)
    activemodel (3.2.6)
      activesupport (= 3.2.6)
      builder (~> 3.0.0)
    activeresource (3.2.6)
      activemodel (= 3.2.6)
      activesupport (= 3.2.6)
    activesupport (3.2.6)
      i18n (~> 0.6)
      multi_json (~> 1.0)
    addressable (2.3.1)
    akami (1.2.0)
      gyoku (>= 0.4.0)
      nokogiri (>= 1.4.0)
    assembly-image (1.3.2)
      assembly-objectfile (~> 1.2.1)
      uuidtools
    assembly-objectfile (1.2.5)
      checksum-tools
      mime-types
      mini_exiftool
      nokogiri
    assembly-utils (1.0.5)
      csv-mapper
      dor-services (>= 3.8.0)
      druid-tools
      lyber-core
      net-ssh
      net-ssh-gateway
      net-ssh-kerberos
    awesome_print (1.0.2)
    backports (2.6.2)
    bagit (0.2.0)
      validatable (~> 1.6)
    builder (3.0.0)
    capistrano (2.12.0)
      highline
      net-scp (>= 1.0.0)
      net-sftp (>= 2.0.0)
      net-ssh (>= 2.0.14)
      net-ssh-gateway (>= 1.1.0)
    checksum-tools (1.0.6)
      net-sftp
      net-ssh
      net-ssh-kerberos
      progressbar
    confstruct (0.2.3)
    csv-mapper (0.5.1)
      fastercsv
    daemons (1.1.8)
    deprecation (0.0.5)
      activesupport
    diff-lcs (1.1.3)
    dor-services (3.8.4)
      active-fedora (>= 4.0.0)
      active-fedora (>= 4.0.0.rc20)
      confstruct (>= 0.2.2)
      druid-tools
      equivalent-xml (>= 0.2.2)
      json
      lyber-utils
      moab-versioning
      net-sftp
      net-ssh
      nokogiri (~> 1.5.0)
      om (>= 1.5.0)
      progressbar
      rest-client
      rsolr-client-cert (>= 0.5.1)
      rsolr-ext
      ruby-cache
      ruby-graphviz
      systemu
      uuidtools
      validatable
    druid-tools (0.2.0)
    equivalent-xml (0.2.9)
      nokogiri (>= 1.4.3)
    erubis (2.7.0)
    fastercsv (1.5.5)
    gyoku (0.4.6)
      builder (>= 2.1.2)
    happymapper (0.4.0)
      libxml-ruby (~> 2.0)
    hashery (2.0.1)
    highline (1.6.13)
    hike (1.2.1)
    hooks (0.2.0)
    httpi (1.1.1)
      rack
    i18n (0.6.0)
    journey (1.0.4)
    json (1.7.3)
    libxml-ruby (2.3.3)
    lyber-core (2.2.0)
      actionpack
      bagit (>= 0.1.0)
      daemons
      dor-services (>= 3.4.2)
      nokogiri (~> 1.5.0)
      stomp
      systemu (>= 1.2.0)
      validatable
    lyber-utils (0.1.2)
      bagit (>= 0.1.0)
      nokogiri (>= 1.4.3.1)
      systemu (>= 1.2.0)
      validatable
    lyberteam-capistrano-devel (0.9.0)
      capistrano (>= 2.11.0)
      lyberteam-gems-devel
      net-ssh-kerberos
      rake (>= 0.8.7)
      rest-client
      rvm-capistrano
    lyberteam-devel (0.8.0)
      lyberteam-capistrano-devel
      lyberteam-gems-devel
    lyberteam-gems-devel (0.8.0)
      rake (>= 0.8.7)
      rest-client
    mediashelf-loggable (0.4.9)
    mime-types (1.19)
    mini_exiftool (1.6.0)
    moab-versioning (0.8.7)
      confstruct
      happymapper
      hashery (>= 2.0.0)
      json
      nokogiri
    multi_json (1.3.6)
    net-scp (1.0.4)
      net-ssh (>= 1.99.1)
    net-sftp (2.0.5)
      net-ssh (>= 2.0.9)
    net-ssh (2.5.2)
    net-ssh-gateway (1.1.0)
      net-ssh (>= 1.99.1)
    net-ssh-kerberos (0.2.7)
      net-ssh (>= 2.0)
    nokogiri (1.5.5)
    nori (1.1.3)
    om (1.6.1)
      mediashelf-loggable
      nokogiri (>= 1.4.2)
    progressbar (0.11.0)
    rack (1.4.1)
    rack-cache (1.2)
      rack (>= 0.4)
    rack-test (0.6.1)
      rack (>= 1.0)
    rake (0.9.2.2)
    rdf (0.3.7)
      addressable (>= 2.2.6)
    rdf-rdfxml (0.3.8)
      rdf (>= 0.3.4)
      rdf-xsd (>= 0.3.5)
    rdf-xsd (0.3.7)
      backports
      nokogiri (>= 1.5.0)
      rdf (>= 0.3.4)
    rest-client (1.6.7)
      mime-types (>= 1.16)
    rsolr (1.0.8)
      builder (>= 2.1.2)
    rsolr-client-cert (0.5.1)
      rest-client
      rsolr
    rsolr-ext (1.0.3)
      rsolr (>= 1.0.2)
    rspec (2.11.0)
      rspec-core (~> 2.11.0)
      rspec-expectations (~> 2.11.0)
      rspec-mocks (~> 2.11.0)
    rspec-core (2.11.1)
    rspec-expectations (2.11.1)
      diff-lcs (~> 1.1.3)
    rspec-mocks (2.11.1)
    ruby-cache (0.3.0)
    ruby-graphviz (1.0.8)
    rubydora (0.5.12)
      activemodel
      activesupport
      deprecation
      fastercsv
      hooks
      mime-types
      nokogiri
      rest-client
      savon
    rvm-capistrano (1.2.5)
      capistrano (>= 2.0.0)
    savon (1.1.0)
      akami (~> 1.2.0)
      builder (>= 2.1.2)
      gyoku (~> 0.4.5)
      httpi (~> 1.1.0)
      nokogiri (>= 1.4.0)
      nori (~> 1.1.0)
      wasabi (~> 2.5.0)
    solrizer (1.2.2)
      daemons
      mediashelf-loggable (~> 0.4.7)
      nokogiri
      om (>= 1.5.0)
      stomp
      xml-simple
    sprockets (2.1.3)
      hike (~> 1.2)
      rack (~> 1.0)
      tilt (~> 1.1, != 1.3.0)
    stomp (1.2.4)
    systemu (2.5.2)
    tilt (1.3.3)
    uuidtools (2.1.3)
    validatable (1.6.7)
    wasabi (2.5.0)
      httpi (~> 1.0)
      nokogiri (>= 1.4.0)
    xml-simple (1.1.1)

PLATFORMS
  ruby

DEPENDENCIES
  assembly-image (>= 1.3.2)
  assembly-objectfile (>= 1.2.5)
  assembly-utils (>= 1.0.5)
  awesome_print
  capistrano
  checksum-tools
  csv-mapper
  dor-services (>= 3.8.0)
  druid-tools (>= 0.2.0)
  equivalent-xml
  lyber-core
  lyberteam-devel
  nokogiri
  rake
  rest-client
  rspec (~> 2.6)
